PATH
  remote: .
  specs:
    moip (1.0.3)
      activesupport (>= 2.3.2)
      httparty (~> 0.13.5)
      nokogiri (~> 1.6.6)

GEM
  remote: http://rubygems.org/
  specs:
    activesupport (3.0.8)
    crack (0.1.8)
    diff-lcs (1.1.2)
    httparty (0.13.5)
      crack (= 0.1.8)
    mini_portile (0.6.2)
    nokogiri (1.6.6.2)
      mini_portile (~> 0.6.0)
    rspec (2.1.0)
      rspec-core (~> 2.1.0)
      rspec-expectations (~> 2.1.0)
      rspec-mocks (~> 2.1.0)
    rspec-core (2.1.0)
    rspec-expectations (2.1.0)
      diff-lcs (~> 1.1.2)
    rspec-mocks (2.1.0)

PLATFORMS
  ruby

DEPENDENCIES
  moip!
  rspec (~> 2.1.0)
